PATH
  remote: .
  specs:
    ci_runner (0.1.0)
      thor

GEM
  remote: https://rubygems.org/
  specs:
    minitest (5.16.2)
    rake (13.0.6)
    thor (1.2.1)

PLATFORMS
  x86_64-darwin-20

DEPENDENCIES
  ci_runner!
  minitest (~> 5.0)
  rake (~> 13.0)

BUNDLED WITH
   2.2.32
