GIT
  remote: https://github.com/bblimke/webmock.git
  revision: 33d8810c2828fc17010e15cc3f21ad2c726a966f
  branch: master
  specs:
    webmock (3.14.0)
      addressable (>= 2.8.0)
      crack (>= 0.3.2)
      hashdiff (>= 0.4.0, < 2.0.0)

PATH
  remote: .
  specs:
    ci_runner (0.1.0)
      cli-ui
      rake
      thor

GEM
  remote: https://rubygems.org/
  specs:
    addressable (2.8.0)
      public_suffix (>= 2.0.2, < 5.0)
    byebug (11.1.3)
    cli-ui (1.5.1)
    crack (0.4.5)
      rexml
    diff-lcs (1.5.0)
    hashdiff (1.0.1)
    minitest (5.16.2)
    public_suffix (4.0.7)
    rake (13.0.6)
    rexml (3.2.5)
    rspec (3.11.0)
      rspec-core (~> 3.11.0)
      rspec-expectations (~> 3.11.0)
      rspec-mocks (~> 3.11.0)
    rspec-core (3.11.0)
      rspec-support (~> 3.11.0)
    rspec-expectations (3.11.0)
      diff-lcs (>= 1.2.0, < 2.0)
      rspec-support (~> 3.11.0)
    rspec-mocks (3.11.1)
      diff-lcs (>= 1.2.0, < 2.0)
      rspec-support (~> 3.11.0)
    rspec-support (3.11.0)
    thor (1.2.1)

PLATFORMS
  x86_64-darwin-20

DEPENDENCIES
  byebug
  ci_runner!
  minitest (~> 5.0)
  rspec
  webmock!

BUNDLED WITH
   2.3.17
