PATH
  remote: .
  specs:
    ci_runner (0.1.0)
      thor

GEM
  remote: https://rubygems.org/
  specs:
    byebug (11.1.3)
    rake (13.0.6)
    thor (1.2.1)

PLATFORMS
  x86_64-darwin-20

DEPENDENCIES
  byebug
  ci_runner!
  rake (~> 13.0)

BUNDLED WITH
   2.2.32
